PATH
  remote: ./upnp
  specs:
    upnp (0.0.1)
      em-http-request (>= 1.0.2)
      eventmachine (>= 1.0.0)
      log_switch (>= 0.1.4)
      nori (>= 1.0.2)
      savon (>= 1.0.0)

GEM
  remote: https://rubygems.org/
  specs:
    addressable (2.3.2)
    akami (1.2.0)
      gyoku (>= 0.4.0)
      nokogiri (>= 1.4.0)
    builder (3.1.4)
    color (1.4.1)
    cookiejar (0.3.0)
    crack (0.3.1)
    curb (0.8.3)
    diff-lcs (1.1.3)
    em-http-request (1.0.3)
      addressable (>= 2.2.3)
      cookiejar
      em-socksify
      eventmachine (>= 1.0.0.beta.4)
      http_parser.rb (>= 0.5.3)
    em-socksify (0.2.1)
      eventmachine (>= 1.0.0.beta.4)
    eventmachine (1.0.0)
    gyoku (0.4.6)
      builder (>= 2.1.2)
    http_parser.rb (0.5.3)
    httpi (1.1.1)
      rack
    log_switch (0.4.0)
    nokogiri (1.5.5)
    nori (1.1.3)
    rack (1.4.1)
    rspec (2.12.0)
      rspec-core (~> 2.12.0)
      rspec-expectations (~> 2.12.0)
      rspec-mocks (~> 2.12.0)
    rspec-core (2.12.2)
    rspec-expectations (2.12.1)
      diff-lcs (~> 1.1.3)
    rspec-mocks (2.12.1)
    savon (1.2.0)
      akami (~> 1.2.0)
      builder (>= 2.1.2)
      gyoku (~> 0.4.5)
      httpi (~> 1.1.0)
      nokogiri (>= 1.4.0)
      nori (~> 1.1.0)
      wasabi (~> 2.5.0)
    wasabi (2.5.1)
      httpi (~> 1.0)
      nokogiri (>= 1.4.0)
    webmock (1.4.0)
      addressable (>= 2.2.2)
      crack (>= 0.1.7)

PLATFORMS
  ruby

DEPENDENCIES
  color
  curb
  nokogiri
  rspec
  upnp!
  webmock
